GEM
  remote: https://rubygems.org/
  specs:
    coderay (1.1.1)
    deep_clone (0.0.1)
    method_source (0.8.2)
    pry (0.10.4)
      coderay (~> 1.1.0)
      method_source (~> 0.8.1)
      slop (~> 3.4)
    slop (3.6.0)

PLATFORMS
  ruby

DEPENDENCIES
  deep_clone
  pry

RUBY VERSION
   ruby 2.3.0p0

BUNDLED WITH
   1.12.5
